{
  "bids_meta": {
    "AcquisitionMatrixPE": 256,
    "AcquisitionNumber": 1,
    "AcquisitionTime": "10:02:7.405000",
    "BaseResolution": 256,
    "CoilString": "T:HEA;HEP",
    "ConversionSoftware": "dcm2niix",
    "ConversionSoftwareVersion": "v1.0.20181114  GCC7.3.0",
    "Dcm2bidsVersion": "2.1.4",
    "DeviceSerialNumber": "35464",
    "DwellTime": 1.15e-05,
    "EchoTime": 0.00252,
    "FlipAngle": 9,
    "ImageOrientationPatientDICOM": [
      0,
      1,
      0,
      0,
      0,
      -1
    ],
    "ImageType": [
      "ORIGINAL",
      "PRIMARY",
      "M",
      "ND",
      "NORM"
    ],
    "ImagingFrequency": 123.234,
    "InPlanePhaseEncodingDirectionDICOM": "ROW",
    "InstitutionAddress": "Street_StreetNo_Guangzhou(244e72)_District_CN_ZIP",
    "InstitutionName": "South_China_Normal_University",
    "InstitutionalDepartmentName": "Department",
    "InversionTime": 0.9,
    "MRAcquisitionType": "3D",
    "MagneticFieldStrength": 3,
    "Manufacturer": "Siemens",
    "ManufacturersModelName": "TrioTim",
    "Modality": "MR",
    "PartialFourier": 1,
    "PatientPosition": "HFS",
    "PercentPhaseFOV": 100,
    "PhaseEncodingSteps": 255,
    "PhaseResolution": 1,
    "PixelBandwidth": 170,
    "ProcedureStepDescription": "SCNU_Wang_Ling",
    "ProtocolName": "t1_mpr_sag_p2_iso",
    "PulseSequenceDetails": "%SiemensSeq%_tfl",
    "ReceiveCoilName": "HeadMatrix",
    "ReconMatrixPE": 256,
    "RepetitionTime": 1.9,
    "SAR": 0.08987,
    "ScanOptions": "IR",
    "ScanningSequence": "GR_IR",
    "SequenceName": "_tfl3d1_ns",
    "SequenceVariant": "SP_MP",
    "SeriesDescription": "t1_mpr_sag_p2_iso",
    "SeriesNumber": 9,
    "ShimSetting": [
      -3401,
      -13566,
      3972,
      47,
      -3,
      -58,
      -68,
      39
    ],
    "SliceThickness": 1,
    "SoftwareVersions": "syngo_MR_B17",
    "StationName": "MRC35464",
    "TxRefAmp": 332.479,
    "dataset": "unknown",
    "modality": "T1w",
    "subject_id": "01"
  },
  "cjv": 0.4020245007527256,
  "cnr": 3.336668568610488,
  "efc": 0.5213253125459149,
  "fber": 1881.7314453125,
  "fwhm_avg": 3.617093333333333,
  "fwhm_x": 3.64891,
  "fwhm_y": 3.47628,
  "fwhm_z": 3.72609,
  "icvs_csf": 0.20808246455953022,
  "icvs_gm": 0.4319332047462405,
  "icvs_wm": 0.3599843306942293,
  "inu_med": 1.608256220817566,
  "inu_range": 0.4583247661590575,
  "provenance": {
    "md5sum": "712879848d59e7cf2e51bf75ff9d2037",
    "settings": {
      "testing": false
    },
    "software": "mriqc",
    "version": "0.15.0",
    "warnings": {
      "large_rot_frame": false,
      "small_air_mask": false
    },
    "webapi_port": null,
    "webapi_url": "https://mriqc.nimh.nih.gov/api/v1"
  },
  "qi_1": 0.0,
  "qi_2": 0.004599869647631978,
  "rpve_csf": 25.10414867169722,
  "rpve_gm": 12.79290659677501,
  "rpve_wm": 17.77155850563691,
  "size_x": 176,
  "size_y": 256,
  "size_z": 256,
  "snr_csf": 3.4833295445465526,
  "snr_gm": 11.99569544637689,
  "snr_total": 11.42666974642116,
  "snr_wm": 18.800984248340033,
  "snrd_csf": 33.05525528512188,
  "snrd_gm": 65.78679330977208,
  "snrd_total": 63.04276638348813,
  "snrd_wm": 90.28625055557042,
  "spacing_x": 1.0,
  "spacing_y": 1.0,
  "spacing_z": 1.0,
  "summary_bg_k": 3.1651503651044495,
  "summary_bg_mad": 7.2562031745910645,
  "summary_bg_mean": 13.445600509643555,
  "summary_bg_median": 11.31598949432373,
  "summary_bg_n": 3428447.0,
  "summary_bg_p05": 2.2522353172302245,
  "summary_bg_p95": 31.762979125976564,
  "summary_bg_stdv": 9.757268905639648,
  "summary_csf_k": 22.61703332522763,
  "summary_csf_mad": 106.54231262207031,
  "summary_csf_mean": 374.3951110839844,
  "summary_csf_median": 366.1156005859375,
  "summary_csf_n": 30355.0,
  "summary_csf_p05": 230.20431213378907,
  "summary_csf_p95": 543.2480407714843,
  "summary_csf_stdv": 105.10334014892578,
  "summary_gm_k": 0.13911464731733192,
  "summary_gm_mad": 59.417022705078125,
  "summary_gm_mean": 729.2953491210938,
  "summary_gm_median": 728.645751953125,
  "summary_gm_n": 20723.0,
  "summary_gm_p05": 629.7406127929688,
  "summary_gm_p95": 830.3249816894531,
  "summary_gm_stdv": 60.74080276489258,
  "summary_wm_k": 0.5221841857902434,
  "summary_wm_mad": 49.67341995239258,
  "summary_wm_mean": 998.7708740234375,
  "summary_wm_median": 999.9984741210938,
  "summary_wm_n": 207859.0,
  "summary_wm_p05": 908.3380737304688,
  "summary_wm_p95": 1083.7911376953125,
  "summary_wm_stdv": 53.18849563598633,
  "tpm_overlap_csf": 0.22802047431468964,
  "tpm_overlap_gm": 0.5003888607025146,
  "tpm_overlap_wm": 0.5324584245681763,
  "wm2max": 0.491993119125801
}