{
  "aor": 0.0013923923444976074,
  "aqi": 0.006276610741626794,
  "bids_meta": {
    "AcquisitionMatrixPE": 64,
    "AcquisitionNumber": 1,
    "AcquisitionTime": "09:18:13.710000",
    "BandwidthPerPixelPhaseEncode": 30.637,
    "BaseResolution": 64,
    "CoilString": "t:HEA;HEP",
    "ConversionSoftware": "dcm2niix",
    "ConversionSoftwareVersion": "v1.0.20181114  GCC7.3.0",
    "Dcm2bidsVersion": "2.1.4",
    "DerivedVendorReportedEchoSpacing": 0.000510004,
    "DeviceSerialNumber": "35464",
    "DwellTime": 3.5e-06,
    "EchoTime": 0.03,
    "EffectiveEchoSpacing": 0.000510004,
    "FlipAngle": 90,
    "ImageOrientationPatientDICOM": [
      1,
      0,
      0,
      0,
      0.992546,
      -0.121869
    ],
    "ImageType": [
      "ORIGINAL",
      "PRIMARY",
      "M",
      "ND",
      "MOSAIC"
    ],
    "ImagingFrequency": 123.234,
    "InPlanePhaseEncodingDirectionDICOM": "COL",
    "InstitutionAddress": "Street_StreetNo_Guangzhou(244e72)_District_CN_ZIP",
    "InstitutionName": "South_China_Normal_University",
    "InstitutionalDepartmentName": "Department",
    "MRAcquisitionType": "2D",
    "MagneticFieldStrength": 3,
    "Manufacturer": "Siemens",
    "ManufacturersModelName": "TrioTim",
    "Modality": "MR",
    "PartialFourier": 1,
    "PatientPosition": "HFS",
    "PercentPhaseFOV": 100,
    "PhaseEncodingDirection": "j-",
    "PhaseEncodingSteps": 64,
    "PhaseResolution": 1,
    "PixelBandwidth": 2232,
    "ProcedureStepDescription": "SCNU_Wang_Ling",
    "ProtocolName": "ep2d_pace_420v",
    "PulseSequenceDetails": "%SiemensSeq%_ep2d_pace",
    "PulseSequenceType": "%SiemensSeq%_ep2d_pace",
    "ReceiveCoilName": "HeadMatrix",
    "ReconMatrixPE": 64,
    "RepetitionTime": 2,
    "SAR": 0.133007,
    "ScanOptions": "FS",
    "ScanningSequence": "EP",
    "SequenceName": "_epfid2d1_64",
    "SequenceVariant": "SK",
    "SeriesDescription": "ep2d_pace_420v",
    "SeriesNumber": 6,
    "ShimSetting": [
      -3409,
      -13684,
      4337,
      316,
      56,
      -141,
      86,
      124
    ],
    "SliceThickness": 3,
    "SliceTiming": [
      1.925,
      1.865,
      1.8025,
      1.74,
      1.6775,
      1.615,
      1.5525,
      1.49,
      1.43,
      1.3675,
      1.305,
      1.2425,
      1.18,
      1.1175,
      1.0575,
      0.995,
      0.9325,
      0.87,
      0.8075,
      0.745,
      0.685,
      0.6225,
      0.56,
      0.4975,
      0.435,
      0.3725,
      0.31,
      0.25,
      0.1875,
      0.125,
      0.0625,
      0
    ],
    "SoftwareVersions": "syngo_MR_B17",
    "SpacingBetweenSlices": 3.75,
    "StationName": "MRC35464",
    "TaskName": "freq-to-PE-on_simon",
    "TotalReadoutTime": 0.0321303,
    "TxRefAmp": 332.479,
    "dataset": "unknown",
    "modality": "bold",
    "run_id": 4,
    "subject_id": "01",
    "task_id": "simon"
  },
  "dummy_trs": 2,
  "dvars_nstd": 26.408592393525197,
  "dvars_std": 1.1331944079136689,
  "dvars_vstd": 1.0196538816786576,
  "efc": 0.6088223311933147,
  "fber": 418.89013671875,
  "fd_mean": 0.1297595704432795,
  "fd_num": 52,
  "fd_perc": 12.440191387559809,
  "fwhm_avg": 2.436729777777778,
  "fwhm_x": 2.45999,
  "fwhm_y": 2.684623333333333,
  "fwhm_z": 2.165576,
  "gcor": 0.034101,
  "gsr_x": 0.0015939854783937335,
  "gsr_y": 0.02699117176234722,
  "provenance": {
    "md5sum": "160df9588e35413988bbe0aeda897852",
    "settings": {
      "fd_thres": 0.2,
      "hmc_fsl": false
    },
    "software": "mriqc",
    "version": "0.15.0",
    "webapi_port": null,
    "webapi_url": "https://mriqc.nimh.nih.gov/api/v1"
  },
  "size_t": 418,
  "size_x": 64,
  "size_y": 64,
  "size_z": 32,
  "snr": 4.4938763035520575,
  "spacing_tr": 2.0,
  "spacing_x": 3.0,
  "spacing_y": 3.0,
  "spacing_z": 3.75,
  "summary_bg_k": 30.932626965077212,
  "summary_bg_mad": 10.963454246520996,
  "summary_bg_mean": 71.82913970947266,
  "summary_bg_median": 46.31578826904297,
  "summary_bg_n": 61247.0,
  "summary_bg_p05": 38.07655334472656,
  "summary_bg_p95": 176.17655181884754,
  "summary_bg_stdv": 78.66268157958984,
  "summary_fg_k": 2.280233610926845,
  "summary_fg_mad": 169.58421325683594,
  "summary_fg_mean": 991.5659790039062,
  "summary_fg_median": 995.04541015625,
  "summary_fg_n": 38351.0,
  "summary_fg_p05": 623.2045288085938,
  "summary_fg_p95": 1336.8240966796875,
  "summary_fg_stdv": 221.4196319580078,
  "tsnr": 56.08055114746094
}