{
  "aor": 0.00036574162679425836,
  "aqi": 0.005148985263157894,
  "bids_meta": {
    "AcquisitionMatrixPE": 64,
    "AcquisitionNumber": 1,
    "AcquisitionTime": "08:49:3.710000",
    "BandwidthPerPixelPhaseEncode": 30.637,
    "BaseResolution": 64,
    "CoilString": "t:HEA;HEP",
    "ConversionSoftware": "dcm2niix",
    "ConversionSoftwareVersion": "v1.0.20181114  GCC7.3.0",
    "Dcm2bidsVersion": "2.1.4",
    "DerivedVendorReportedEchoSpacing": 0.000510004,
    "DeviceSerialNumber": "35464",
    "DwellTime": 3.5e-06,
    "EchoTime": 0.03,
    "EffectiveEchoSpacing": 0.000510004,
    "FlipAngle": 90,
    "ImageOrientationPatientDICOM": [
      1,
      0,
      0,
      0,
      0.992546,
      -0.121869
    ],
    "ImageType": [
      "ORIGINAL",
      "PRIMARY",
      "M",
      "ND",
      "MOSAIC"
    ],
    "ImagingFrequency": 123.234,
    "InPlanePhaseEncodingDirectionDICOM": "COL",
    "InstitutionAddress": "Street_StreetNo_Guangzhou(244e72)_District_CN_ZIP",
    "InstitutionName": "South_China_Normal_University",
    "InstitutionalDepartmentName": "Department",
    "MRAcquisitionType": "2D",
    "MagneticFieldStrength": 3,
    "Manufacturer": "Siemens",
    "ManufacturersModelName": "TrioTim",
    "Modality": "MR",
    "PartialFourier": 1,
    "PatientPosition": "HFS",
    "PercentPhaseFOV": 100,
    "PhaseEncodingDirection": "j-",
    "PhaseEncodingSteps": 64,
    "PhaseResolution": 1,
    "PixelBandwidth": 2232,
    "ProcedureStepDescription": "SCNU_Wang_Ling",
    "ProtocolName": "ep2d_pace_420v",
    "PulseSequenceDetails": "%SiemensSeq%_ep2d_pace",
    "PulseSequenceType": "%SiemensSeq%_ep2d_pace",
    "ReceiveCoilName": "HeadMatrix",
    "ReconMatrixPE": 64,
    "RepetitionTime": 2,
    "SAR": 0.133007,
    "ScanOptions": "FS",
    "ScanningSequence": "EP",
    "SequenceName": "_epfid2d1_64",
    "SequenceVariant": "SK",
    "SeriesDescription": "ep2d_pace_420v",
    "SeriesNumber": 4,
    "ShimSetting": [
      -3409,
      -13684,
      4337,
      316,
      56,
      -141,
      86,
      124
    ],
    "SliceThickness": 3,
    "SliceTiming": [
      1.925,
      1.8625,
      1.8,
      1.7375,
      1.675,
      1.615,
      1.5525,
      1.49,
      1.4275,
      1.365,
      1.3025,
      1.2425,
      1.18,
      1.1175,
      1.055,
      0.9925,
      0.93,
      0.8675,
      0.8075,
      0.745,
      0.6825,
      0.62,
      0.5575,
      0.495,
      0.435,
      0.3725,
      0.31,
      0.2475,
      0.185,
      0.1225,
      0.0625,
      0
    ],
    "SoftwareVersions": "syngo_MR_B17",
    "SpacingBetweenSlices": 3.75,
    "StationName": "MRC35464",
    "TaskName": "freq-to-PE-on_simon",
    "TotalReadoutTime": 0.0321303,
    "TxRefAmp": 332.479,
    "dataset": "unknown",
    "modality": "bold",
    "run_id": 2,
    "subject_id": "01",
    "task_id": "simon"
  },
  "dummy_trs": 2,
  "dvars_nstd": 24.623535910959237,
  "dvars_std": 1.1040298816786558,
  "dvars_vstd": 1.0045028764748205,
  "efc": 0.607322950212047,
  "fber": 434.568359375,
  "fd_mean": 0.13454561678697302,
  "fd_num": 28,
  "fd_perc": 6.698564593301436,
  "fwhm_avg": 2.426574,
  "fwhm_x": 2.4449366666666665,
  "fwhm_y": 2.6862999999999997,
  "fwhm_z": 2.1484853333333334,
  "gcor": 0.0320209,
  "gsr_x": 0.002362115541473031,
  "gsr_y": 0.024820590391755104,
  "provenance": {
    "md5sum": "b16d82821062e726c37d5a62ffe0bd8f",
    "settings": {
      "fd_thres": 0.2,
      "hmc_fsl": false
    },
    "software": "mriqc",
    "version": "0.15.0",
    "webapi_port": null,
    "webapi_url": "https://mriqc.nimh.nih.gov/api/v1"
  },
  "size_t": 418,
  "size_x": 64,
  "size_y": 64,
  "size_z": 32,
  "snr": 4.534510443781792,
  "spacing_tr": 2.0,
  "spacing_x": 3.0,
  "spacing_y": 3.0,
  "spacing_z": 3.75,
  "summary_bg_k": 31.596330932324726,
  "summary_bg_mad": 10.066084861755371,
  "summary_bg_mean": 70.02218627929688,
  "summary_bg_median": 45.428226470947266,
  "summary_bg_n": 61191.0,
  "summary_bg_p05": 37.555023193359375,
  "summary_bg_p95": 171.9210433959961,
  "summary_bg_stdv": 79.03446197509766,
  "summary_fg_k": 2.268167956897937,
  "summary_fg_mad": 168.73468017578125,
  "summary_fg_mean": 990.6548461914062,
  "summary_fg_median": 992.5047607421875,
  "summary_fg_n": 38300.0,
  "summary_fg_p05": 631.9443481445312,
  "summary_fg_p95": 1336.1708740234376,
  "summary_fg_stdv": 218.87518310546875,
  "tsnr": 60.49488830566406
}