{
  "aor": 0.0006688780487804879,
  "aqi": 0.008471511219512194,
  "bids_meta": {
    "AcquisitionMatrixPE": 64,
    "AcquisitionNumber": 1,
    "AcquisitionTime": "08:34:34.765000",
    "BandwidthPerPixelPhaseEncode": 30.637,
    "BaseResolution": 64,
    "CoilString": "t:HEA;HEP",
    "ConversionSoftware": "dcm2niix",
    "ConversionSoftwareVersion": "v1.0.20181114  GCC7.3.0",
    "Dcm2bidsVersion": "2.1.4",
    "DerivedVendorReportedEchoSpacing": 0.000510004,
    "DeviceSerialNumber": "35464",
    "DwellTime": 3.5e-06,
    "EchoTime": 0.03,
    "EffectiveEchoSpacing": 0.000510004,
    "FlipAngle": 90,
    "ImageOrientationPatientDICOM": [
      1,
      0,
      0,
      0,
      0.992546,
      -0.121869
    ],
    "ImageType": [
      "ORIGINAL",
      "PRIMARY",
      "M",
      "ND",
      "MOSAIC"
    ],
    "ImagingFrequency": 123.234,
    "InPlanePhaseEncodingDirectionDICOM": "COL",
    "InstitutionAddress": "Street_StreetNo_Guangzhou(244e72)_District_CN_ZIP",
    "InstitutionName": "South_China_Normal_University",
    "InstitutionalDepartmentName": "Department",
    "MRAcquisitionType": "2D",
    "MagneticFieldStrength": 3,
    "Manufacturer": "Siemens",
    "ManufacturersModelName": "TrioTim",
    "Modality": "MR",
    "PartialFourier": 1,
    "PatientPosition": "HFS",
    "PercentPhaseFOV": 100,
    "PhaseEncodingDirection": "j-",
    "PhaseEncodingSteps": 64,
    "PhaseResolution": 1,
    "PixelBandwidth": 2232,
    "ProcedureStepDescription": "SCNU_Wang_Ling",
    "ProtocolName": "ep2d_pace_420v",
    "PulseSequenceDetails": "%SiemensSeq%_ep2d_pace",
    "PulseSequenceType": "%SiemensSeq%_ep2d_pace",
    "ReceiveCoilName": "HeadMatrix",
    "ReconMatrixPE": 64,
    "RepetitionTime": 2,
    "SAR": 0.133007,
    "ScanOptions": "FS",
    "ScanningSequence": "EP",
    "SequenceName": "_epfid2d1_64",
    "SequenceVariant": "SK",
    "SeriesDescription": "ep2d_pace_420v",
    "SeriesNumber": 3,
    "ShimSetting": [
      -3409,
      -13684,
      4337,
      316,
      56,
      -141,
      86,
      124
    ],
    "SliceThickness": 3,
    "SliceTiming": [
      1.925,
      1.8625,
      1.8,
      1.7375,
      1.6775,
      1.615,
      1.5525,
      1.49,
      1.4275,
      1.365,
      1.3025,
      1.2425,
      1.18,
      1.1175,
      1.055,
      0.9925,
      0.93,
      0.87,
      0.8075,
      0.745,
      0.6825,
      0.62,
      0.5575,
      0.4975,
      0.435,
      0.3725,
      0.31,
      0.2475,
      0.185,
      0.1225,
      0.0625,
      0
    ],
    "SoftwareVersions": "syngo_MR_B17",
    "SpacingBetweenSlices": 3.75,
    "StationName": "MRC35464",
    "TaskName": "freq-to-PE-on_simon",
    "TotalReadoutTime": 0.0321303,
    "TxRefAmp": 332.479,
    "dataset": "unknown",
    "modality": "bold",
    "run_id": 1,
    "subject_id": "01",
    "task_id": "simon"
  },
  "dummy_trs": 3,
  "dvars_nstd": 25.96531072848413,
  "dvars_std": 1.060834906601467,
  "dvars_vstd": 0.958105006919315,
  "efc": 0.6074530873246959,
  "fber": 439.8753967285156,
  "fd_mean": 0.15082695059190415,
  "fd_num": 78,
  "fd_perc": 19.024390243902438,
  "fwhm_avg": 2.466823777777778,
  "fwhm_x": 2.480636666666667,
  "fwhm_y": 2.7230000000000003,
  "fwhm_z": 2.1968346666666667,
  "gcor": 0.0167351,
  "gsr_x": 0.0029665008187294006,
  "gsr_y": 0.02403339184820652,
  "provenance": {
    "md5sum": "08bca54bddaef722869bbb331381cb1e",
    "settings": {
      "fd_thres": 0.2,
      "hmc_fsl": false
    },
    "software": "mriqc",
    "version": "0.15.0",
    "webapi_port": null,
    "webapi_url": "https://mriqc.nimh.nih.gov/api/v1"
  },
  "size_t": 410,
  "size_x": 64,
  "size_y": 64,
  "size_z": 32,
  "snr": 4.457698146736704,
  "spacing_tr": 2.0,
  "spacing_x": 3.0,
  "spacing_y": 3.0,
  "spacing_z": 3.75,
  "summary_bg_k": 31.266705692936846,
  "summary_bg_mad": 10.21187686920166,
  "summary_bg_mean": 69.33201599121094,
  "summary_bg_median": 45.24390411376953,
  "summary_bg_n": 60822.0,
  "summary_bg_p05": 36.690242767333984,
  "summary_bg_p95": 169.86134490966785,
  "summary_bg_stdv": 78.80142974853516,
  "summary_fg_k": 2.1555029421736203,
  "summary_fg_mad": 171.14291381835938,
  "summary_fg_mean": 988.4441528320312,
  "summary_fg_median": 990.6414794921875,
  "summary_fg_n": 38646.0,
  "summary_fg_p05": 620.5463256835938,
  "summary_fg_p95": 1337.2018127441406,
  "summary_fg_stdv": 222.22874450683594,
  "tsnr": 50.467193603515625
}