{
  "aor": 0.0007172966507177033,
  "aqi": 0.006758197081339713,
  "bids_meta": {
    "AcquisitionMatrixPE": 64,
    "AcquisitionNumber": 1,
    "AcquisitionTime": "09:32:46.705000",
    "BandwidthPerPixelPhaseEncode": 30.637,
    "BaseResolution": 64,
    "CoilString": "t:HEA;HEP",
    "ConversionSoftware": "dcm2niix",
    "ConversionSoftwareVersion": "v1.0.20181114  GCC7.3.0",
    "Dcm2bidsVersion": "2.1.4",
    "DerivedVendorReportedEchoSpacing": 0.000510004,
    "DeviceSerialNumber": "35464",
    "DwellTime": 3.5e-06,
    "EchoTime": 0.03,
    "EffectiveEchoSpacing": 0.000510004,
    "FlipAngle": 90,
    "ImageOrientationPatientDICOM": [
      1,
      0,
      0,
      0,
      0.992546,
      -0.121869
    ],
    "ImageType": [
      "ORIGINAL",
      "PRIMARY",
      "M",
      "ND",
      "MOSAIC"
    ],
    "ImagingFrequency": 123.234,
    "InPlanePhaseEncodingDirectionDICOM": "COL",
    "InstitutionAddress": "Street_StreetNo_Guangzhou(244e72)_District_CN_ZIP",
    "InstitutionName": "South_China_Normal_University",
    "InstitutionalDepartmentName": "Department",
    "MRAcquisitionType": "2D",
    "MagneticFieldStrength": 3,
    "Manufacturer": "Siemens",
    "ManufacturersModelName": "TrioTim",
    "Modality": "MR",
    "PartialFourier": 1,
    "PatientPosition": "HFS",
    "PercentPhaseFOV": 100,
    "PhaseEncodingDirection": "j-",
    "PhaseEncodingSteps": 64,
    "PhaseResolution": 1,
    "PixelBandwidth": 2232,
    "ProcedureStepDescription": "SCNU_Wang_Ling",
    "ProtocolName": "ep2d_pace_420v",
    "PulseSequenceDetails": "%SiemensSeq%_ep2d_pace",
    "PulseSequenceType": "%SiemensSeq%_ep2d_pace",
    "ReceiveCoilName": "HeadMatrix",
    "ReconMatrixPE": 64,
    "RepetitionTime": 2,
    "SAR": 0.133007,
    "ScanOptions": "FS",
    "ScanningSequence": "EP",
    "SequenceName": "_epfid2d1_64",
    "SequenceVariant": "SK",
    "SeriesDescription": "ep2d_pace_420v",
    "SeriesNumber": 7,
    "ShimSetting": [
      -3409,
      -13684,
      4337,
      316,
      56,
      -141,
      86,
      124
    ],
    "SliceThickness": 3,
    "SliceTiming": [
      1.925,
      1.8625,
      1.8,
      1.7375,
      1.675,
      1.6125,
      1.5525,
      1.49,
      1.4275,
      1.365,
      1.3025,
      1.24,
      1.18,
      1.1175,
      1.055,
      0.9925,
      0.93,
      0.8675,
      0.8075,
      0.745,
      0.6825,
      0.62,
      0.5575,
      0.495,
      0.4325,
      0.3725,
      0.31,
      0.2475,
      0.185,
      0.1225,
      0.06,
      0
    ],
    "SoftwareVersions": "syngo_MR_B17",
    "SpacingBetweenSlices": 3.75,
    "StationName": "MRC35464",
    "TaskName": "freq-to-PE-on_simon",
    "TotalReadoutTime": 0.0321303,
    "TxRefAmp": 332.479,
    "dataset": "unknown",
    "modality": "bold",
    "run_id": 5,
    "subject_id": "01",
    "task_id": "simon"
  },
  "dummy_trs": 2,
  "dvars_nstd": 25.69316014124698,
  "dvars_std": 1.0863942826139086,
  "dvars_vstd": 0.9976983073141482,
  "efc": 0.6088439634838079,
  "fber": 414.0516357421875,
  "fd_mean": 0.1271996752172866,
  "fd_num": 32,
  "fd_perc": 7.655502392344498,
  "fwhm_avg": 2.4086553333333334,
  "fwhm_x": 2.4318500000000003,
  "fwhm_y": 2.6516466666666667,
  "fwhm_z": 2.142469333333333,
  "gcor": 0.0313343,
  "gsr_x": 0.002702483208850026,
  "gsr_y": 0.02651602402329445,
  "provenance": {
    "md5sum": "17a2afe6a46b5c2d676f2975a6ccc490",
    "settings": {
      "fd_thres": 0.2,
      "hmc_fsl": false
    },
    "software": "mriqc",
    "version": "0.15.0",
    "webapi_port": null,
    "webapi_url": "https://mriqc.nimh.nih.gov/api/v1"
  },
  "size_t": 418,
  "size_x": 64,
  "size_y": 64,
  "size_z": 32,
  "snr": 4.634835521893612,
  "spacing_tr": 2.0,
  "spacing_x": 3.0,
  "spacing_y": 3.0,
  "spacing_z": 3.75,
  "summary_bg_k": 32.6519197240949,
  "summary_bg_mad": 10.803845405578613,
  "summary_bg_mean": 71.71150207519531,
  "summary_bg_median": 46.59090805053711,
  "summary_bg_n": 61474.0,
  "summary_bg_p05": 38.3516731262207,
  "summary_bg_p95": 173.8904258728026,
  "summary_bg_stdv": 77.21178436279297,
  "summary_fg_k": 2.3432700453793114,
  "summary_fg_mad": 166.60118103027344,
  "summary_fg_mean": 993.5243530273438,
  "summary_fg_median": 994.3492431640625,
  "summary_fg_n": 37981.0,
  "summary_fg_p05": 643.2463989257812,
  "summary_fg_p95": 1333.387451171875,
  "summary_fg_stdv": 214.53536987304688,
  "tsnr": 54.3859748840332
}