{
  "aor": 0.0009081145584725537,
  "aqi": 0.005805590405727924,
  "bids_meta": {
    "AcquisitionMatrixPE": 64,
    "AcquisitionNumber": 1,
    "AcquisitionTime": "09:03:38.717500",
    "BandwidthPerPixelPhaseEncode": 30.637,
    "BaseResolution": 64,
    "CoilString": "t:HEA;HEP",
    "ConversionSoftware": "dcm2niix",
    "ConversionSoftwareVersion": "v1.0.20181114  GCC7.3.0",
    "Dcm2bidsVersion": "2.1.4",
    "DerivedVendorReportedEchoSpacing": 0.000510004,
    "DeviceSerialNumber": "35464",
    "DwellTime": 3.5e-06,
    "EchoTime": 0.03,
    "EffectiveEchoSpacing": 0.000510004,
    "FlipAngle": 90,
    "ImageOrientationPatientDICOM": [
      1,
      0,
      0,
      0,
      0.992546,
      -0.121869
    ],
    "ImageType": [
      "ORIGINAL",
      "PRIMARY",
      "M",
      "ND",
      "MOSAIC"
    ],
    "ImagingFrequency": 123.234,
    "InPlanePhaseEncodingDirectionDICOM": "COL",
    "InstitutionAddress": "Street_StreetNo_Guangzhou(244e72)_District_CN_ZIP",
    "InstitutionName": "South_China_Normal_University",
    "InstitutionalDepartmentName": "Department",
    "MRAcquisitionType": "2D",
    "MagneticFieldStrength": 3,
    "Manufacturer": "Siemens",
    "ManufacturersModelName": "TrioTim",
    "Modality": "MR",
    "PartialFourier": 1,
    "PatientPosition": "HFS",
    "PercentPhaseFOV": 100,
    "PhaseEncodingDirection": "j-",
    "PhaseEncodingSteps": 64,
    "PhaseResolution": 1,
    "PixelBandwidth": 2232,
    "ProcedureStepDescription": "SCNU_Wang_Ling",
    "ProtocolName": "ep2d_pace_420v",
    "PulseSequenceDetails": "%SiemensSeq%_ep2d_pace",
    "PulseSequenceType": "%SiemensSeq%_ep2d_pace",
    "ReceiveCoilName": "HeadMatrix",
    "ReconMatrixPE": 64,
    "RepetitionTime": 2,
    "SAR": 0.133007,
    "ScanOptions": "FS",
    "ScanningSequence": "EP",
    "SequenceName": "_epfid2d1_64",
    "SequenceVariant": "SK",
    "SeriesDescription": "ep2d_pace_420v",
    "SeriesNumber": 5,
    "ShimSetting": [
      -3409,
      -13684,
      4337,
      316,
      56,
      -141,
      86,
      124
    ],
    "SliceThickness": 3,
    "SliceTiming": [
      1.925,
      1.8625,
      1.8,
      1.7375,
      1.675,
      1.615,
      1.5525,
      1.49,
      1.4275,
      1.365,
      1.3025,
      1.2425,
      1.18,
      1.1175,
      1.055,
      0.9925,
      0.93,
      0.8675,
      0.8075,
      0.745,
      0.6825,
      0.62,
      0.5575,
      0.495,
      0.435,
      0.3725,
      0.31,
      0.2475,
      0.185,
      0.1225,
      0.06,
      0
    ],
    "SoftwareVersions": "syngo_MR_B17",
    "SpacingBetweenSlices": 3.75,
    "StationName": "MRC35464",
    "TaskName": "freq-to-PE-on_simon",
    "TotalReadoutTime": 0.0321303,
    "TxRefAmp": 332.479,
    "dataset": "unknown",
    "modality": "bold",
    "run_id": 3,
    "subject_id": "01",
    "task_id": "simon"
  },
  "dummy_trs": 1,
  "dvars_nstd": 25.34527865308612,
  "dvars_std": 1.1192700134928224,
  "dvars_vstd": 1.008250079832536,
  "efc": 0.6079367807618591,
  "fber": 426.6915588378906,
  "fd_mean": 0.12560825959646077,
  "fd_num": 28,
  "fd_perc": 6.682577565632458,
  "fwhm_avg": 2.4222622222222223,
  "fwhm_x": 2.4410133333333333,
  "fwhm_y": 2.6756266666666666,
  "fwhm_z": 2.1501466666666667,
  "gcor": 0.0396154,
  "gsr_x": 0.0018096379935741425,
  "gsr_y": 0.025786908343434334,
  "provenance": {
    "md5sum": "6e47526f1610d59c3748259e1231aec0",
    "settings": {
      "fd_thres": 0.2,
      "hmc_fsl": false
    },
    "software": "mriqc",
    "version": "0.15.0",
    "webapi_port": null,
    "webapi_url": "https://mriqc.nimh.nih.gov/api/v1"
  },
  "size_t": 419,
  "size_x": 64,
  "size_y": 64,
  "size_z": 32,
  "snr": 4.526885005755031,
  "spacing_tr": 2.0,
  "spacing_x": 3.0,
  "spacing_y": 3.0,
  "spacing_z": 3.75,
  "summary_bg_k": 31.121627342018954,
  "summary_bg_mad": 10.597599983215332,
  "summary_bg_mean": 70.96082305908203,
  "summary_bg_median": 45.83055114746094,
  "summary_bg_n": 61273.0,
  "summary_bg_p05": 37.5847282409668,
  "summary_bg_p95": 175.393798828125,
  "summary_bg_stdv": 79.23201751708984,
  "summary_fg_k": 2.25869557128941,
  "summary_fg_mad": 169.0662384033203,
  "summary_fg_mean": 990.6209106445312,
  "summary_fg_median": 992.5489501953125,
  "summary_fg_n": 38255.0,
  "summary_fg_p05": 630.3742492675781,
  "summary_fg_p95": 1336.2625732421866,
  "summary_fg_stdv": 219.25363159179688,
  "tsnr": 57.70638656616211
}