{
  "aor": 0.00037730310262529834,
  "aqi": 0.00567555923627685,
  "bids_meta": {
    "AcquisitionMatrixPE": 64,
    "AcquisitionNumber": 1,
    "AcquisitionTime": "09:47:28.712500",
    "BandwidthPerPixelPhaseEncode": 30.637,
    "BaseResolution": 64,
    "CoilString": "t:HEA;HEP",
    "ConversionSoftware": "dcm2niix",
    "ConversionSoftwareVersion": "v1.0.20181114  GCC7.3.0",
    "Dcm2bidsVersion": "2.1.4",
    "DerivedVendorReportedEchoSpacing": 0.000510004,
    "DeviceSerialNumber": "35464",
    "DwellTime": 3.5e-06,
    "EchoTime": 0.03,
    "EffectiveEchoSpacing": 0.000510004,
    "FlipAngle": 90,
    "ImageOrientationPatientDICOM": [
      1,
      0,
      0,
      0,
      0.992546,
      -0.121869
    ],
    "ImageType": [
      "ORIGINAL",
      "PRIMARY",
      "M",
      "ND",
      "MOSAIC"
    ],
    "ImagingFrequency": 123.234,
    "InPlanePhaseEncodingDirectionDICOM": "COL",
    "InstitutionAddress": "Street_StreetNo_Guangzhou(244e72)_District_CN_ZIP",
    "InstitutionName": "South_China_Normal_University",
    "InstitutionalDepartmentName": "Department",
    "MRAcquisitionType": "2D",
    "MagneticFieldStrength": 3,
    "Manufacturer": "Siemens",
    "ManufacturersModelName": "TrioTim",
    "Modality": "MR",
    "PartialFourier": 1,
    "PatientPosition": "HFS",
    "PercentPhaseFOV": 100,
    "PhaseEncodingDirection": "j-",
    "PhaseEncodingSteps": 64,
    "PhaseResolution": 1,
    "PixelBandwidth": 2232,
    "ProcedureStepDescription": "SCNU_Wang_Ling",
    "ProtocolName": "ep2d_pace_420v",
    "PulseSequenceDetails": "%SiemensSeq%_ep2d_pace",
    "PulseSequenceType": "%SiemensSeq%_ep2d_pace",
    "ReceiveCoilName": "HeadMatrix",
    "ReconMatrixPE": 64,
    "RepetitionTime": 2,
    "SAR": 0.133007,
    "ScanOptions": "FS",
    "ScanningSequence": "EP",
    "SequenceName": "_epfid2d1_64",
    "SequenceVariant": "SK",
    "SeriesDescription": "ep2d_pace_420v",
    "SeriesNumber": 8,
    "ShimSetting": [
      -3409,
      -13684,
      4337,
      316,
      56,
      -141,
      86,
      124
    ],
    "SliceThickness": 3,
    "SliceTiming": [
      1.925,
      1.8625,
      1.8,
      1.7375,
      1.675,
      1.6125,
      1.5525,
      1.49,
      1.4275,
      1.365,
      1.3025,
      1.24,
      1.18,
      1.1175,
      1.055,
      0.9925,
      0.93,
      0.8675,
      0.805,
      0.745,
      0.6825,
      0.62,
      0.5575,
      0.495,
      0.4325,
      0.3725,
      0.31,
      0.2475,
      0.185,
      0.1225,
      0.06,
      0
    ],
    "SoftwareVersions": "syngo_MR_B17",
    "SpacingBetweenSlices": 3.75,
    "StationName": "MRC35464",
    "TaskName": "freq-to-PE-on_simon",
    "TotalReadoutTime": 0.0321303,
    "TxRefAmp": 332.479,
    "dataset": "unknown",
    "modality": "bold",
    "run_id": 6,
    "subject_id": "01",
    "task_id": "simon"
  },
  "dummy_trs": 1,
  "dvars_nstd": 26.051692122990442,
  "dvars_std": 1.0968836656937797,
  "dvars_vstd": 1.002485626818182,
  "efc": 0.6093523795386774,
  "fber": 411.0606689453125,
  "fd_mean": 0.12357577650620591,
  "fd_num": 24,
  "fd_perc": 5.727923627684964,
  "fwhm_avg": 2.4169464444444446,
  "fwhm_x": 2.4470899999999998,
  "fwhm_y": 2.653773333333333,
  "fwhm_z": 2.149976,
  "gcor": 0.0260388,
  "gsr_x": 0.0028665533754974604,
  "gsr_y": 0.026322556659579277,
  "provenance": {
    "md5sum": "7fe4755a672428465514c57737937504",
    "settings": {
      "fd_thres": 0.2,
      "hmc_fsl": false
    },
    "software": "mriqc",
    "version": "0.15.0",
    "webapi_port": null,
    "webapi_url": "https://mriqc.nimh.nih.gov/api/v1"
  },
  "size_t": 419,
  "size_x": 64,
  "size_y": 64,
  "size_z": 32,
  "snr": 4.599079366729742,
  "spacing_tr": 2.0,
  "spacing_x": 3.0,
  "spacing_y": 3.0,
  "spacing_z": 3.75,
  "summary_bg_k": 31.710360163899644,
  "summary_bg_mad": 10.604674339294434,
  "summary_bg_mean": 72.00985717773438,
  "summary_bg_median": 46.5847282409668,
  "summary_bg_n": 61380.0,
  "summary_bg_p05": 38.79475021362305,
  "summary_bg_p95": 174.83330459594723,
  "summary_bg_stdv": 76.68551635742188,
  "summary_fg_k": 2.3501943813330435,
  "summary_fg_mad": 167.05282592773438,
  "summary_fg_mean": 990.9977416992188,
  "summary_fg_median": 992.5680541992188,
  "summary_fg_n": 38095.0,
  "summary_fg_p05": 636.62509765625,
  "summary_fg_p95": 1330.4440063476559,
  "summary_fg_stdv": 215.81602478027344,
  "tsnr": 58.40715408325195
}