{
    "Modality": "MR",
    "MagneticFieldStrength": 3,
    "ImagingFrequency": 123.234,
    "Manufacturer": "Siemens",
    "ManufacturersModelName": "TrioTim",
    "InstitutionName": "South_China_Normal_University",
    "InstitutionalDepartmentName": "Department",
    "InstitutionAddress": "Street_StreetNo_Guangzhou(244e72)_District_CN_ZIP",
    "DeviceSerialNumber": "35464",
    "StationName": "MRC35464",
    "PatientPosition": "HFS",
    "ProcedureStepDescription": "SCNU_Wang_Ling",
    "SoftwareVersions": "syngo_MR_B17",
    "MRAcquisitionType": "2D",
    "SeriesDescription": "ep2d_pace_420v",
    "ProtocolName": "ep2d_pace_420v",
    "ScanningSequence": "EP",
    "SequenceVariant": "SK",
    "ScanOptions": "FS",
    "SequenceName": "_epfid2d1_64",
    "ImageType": [
        "ORIGINAL",
        "PRIMARY",
        "M",
        "ND",
        "MOSAIC"
    ],
    "SeriesNumber": 5,
    "AcquisitionTime": "09:03:38.717500",
    "AcquisitionNumber": 1,
    "SliceThickness": 3,
    "SpacingBetweenSlices": 3.75,
    "SAR": 0.133007,
    "EchoTime": 0.03,
    "RepetitionTime": 2,
    "FlipAngle": 90,
    "PartialFourier": 1,
    "BaseResolution": 64,
    "ShimSetting": [
        -3409,
        -13684,
        4337,
        316,
        56,
        -141,
        86,
        124
    ],
    "TxRefAmp": 332.479,
    "PhaseResolution": 1,
    "ReceiveCoilName": "HeadMatrix",
    "CoilString": "t:HEA;HEP",
    "PulseSequenceDetails": "%SiemensSeq%_ep2d_pace",
    "PercentPhaseFOV": 100,
    "PhaseEncodingSteps": 64,
    "AcquisitionMatrixPE": 64,
    "ReconMatrixPE": 64,
    "BandwidthPerPixelPhaseEncode": 30.637,
    "EffectiveEchoSpacing": 0.000510004,
    "DerivedVendorReportedEchoSpacing": 0.000510004,
    "TotalReadoutTime": 0.0321303,
    "PixelBandwidth": 2232,
    "DwellTime": 3.5e-06,
    "PhaseEncodingDirection": "j-",
    "SliceTiming": [
        1.925,
        1.8625,
        1.8,
        1.7375,
        1.675,
        1.615,
        1.5525,
        1.49,
        1.4275,
        1.365,
        1.3025,
        1.2425,
        1.18,
        1.1175,
        1.055,
        0.9925,
        0.93,
        0.8675,
        0.8075,
        0.745,
        0.6825,
        0.62,
        0.5575,
        0.495,
        0.435,
        0.3725,
        0.31,
        0.2475,
        0.185,
        0.1225,
        0.06,
        0
    ],
    "ImageOrientationPatientDICOM": [
        1,
        0,
        0,
        0,
        0.992546,
        -0.121869
    ],
    "InPlanePhaseEncodingDirectionDICOM": "COL",
    "ConversionSoftware": "dcm2niix",
    "ConversionSoftwareVersion": "v1.0.20181114  GCC7.3.0",
    "Dcm2bidsVersion": "2.1.4"
}